GEM
  remote: https://rubygems.org/
  specs:
    backports (3.6.8)
    builder (3.2.2)
    cucumber (3.0.0.pre.1)
      builder (>= 2.1.2)
      cucumber-core (~> 2.0)
      cucumber-wire (~> 0.0.1)
      diff-lcs (>= 1.1.3)
      gherkin (~> 4.0)
      multi_json (>= 1.7.5, < 2.0)
      multi_test (>= 0.1.2)
    cucumber-core (2.0.0)
      backports (~> 3.6)
      gherkin (~> 4.0)
    cucumber-wire (0.0.1)
    diff-lcs (1.2.5)
    gherkin (4.0.0)
    json (2.0.2)
    multi_json (1.12.1)
    multi_test (0.1.2)
    mustermann (1.0.0.beta2)
    rack (2.0.1)
    rack-protection (2.0.0.beta2)
      rack
    rack-test (0.6.3)
      rack (>= 1.0)
    rspec (3.5.0)
      rspec-core (~> 3.5.0)
      rspec-expectations (~> 3.5.0)
      rspec-mocks (~> 3.5.0)
    rspec-core (3.5.3)
      rspec-support (~> 3.5.0)
    rspec-expectations (3.5.0)
      diff-lcs (>= 1.2.0, < 2.0)
      rspec-support (~> 3.5.0)
    rspec-mocks (3.5.0)
      diff-lcs (>= 1.2.0, < 2.0)
      rspec-support (~> 3.5.0)
    rspec-support (3.5.0)
    sinatra (2.0.0.beta2)
      mustermann (= 1.0.0.beta2)
      rack (~> 2.0)
      rack-protection (= 2.0.0.beta2)
      tilt (~> 2.0)
    tilt (2.0.5)

PLATFORMS
  ruby

DEPENDENCIES
  cucumber (= 3.0.0.pre.1)
  json (= 2.0.2)
  rack-test (= 0.6.3)
  rspec (= 3.5.0)
  sinatra (= 2.0.0.beta.2)

BUNDLED WITH
   1.13.1
